GEM
  remote: https://rubygems.org/
  specs:
    diff-lcs (1.1.3)
    facter (1.7.3)
    hiera (1.3.0)
      json_pure
    json_pure (1.8.1)
    metaclass (0.0.1)
    mocha (0.10.5)
      metaclass (~> 0.0.1)
    puppet (3.3.2)
      facter (~> 1.6)
      hiera (~> 1.0)
      rgen (~> 0.6.5)
    rgen (0.6.6)
    rspec (2.10.0)
      rspec-core (~> 2.10.0)
      rspec-expectations (~> 2.10.0)
      rspec-mocks (~> 2.10.0)
    rspec-core (2.10.1)
    rspec-expectations (2.10.0)
      diff-lcs (~> 1.1.3)
    rspec-mocks (2.10.1)

PLATFORMS
  ruby

DEPENDENCIES
  mocha (~> 0.10.5)
  puppet (>= 2.7.12)
  rspec (~> 2.10.0)
